GEM
  remote: http://rubygems.org/
  specs:
    addressable (2.3.8)
    capistrano (3.4.0)
      i18n
      rake (>= 10.0.0)
      sshkit (~> 1.3)
    capistrano-rvm (0.1.2)
      capistrano (~> 3.0)
      sshkit (~> 1.2)
    certified (1.0.0)
    childprocess (0.5.9)
      ffi (~> 1.0, >= 1.0.11)
    cookiejar (0.3.3)
    em-http-request (1.0.3)
      addressable (>= 2.2.3)
      cookiejar
      em-socksify
      eventmachine (>= 1.0.0.beta.4)
      http_parser.rb (>= 0.5.3)
    em-http-server (0.1.8)
      eventmachine
    em-socksify (0.3.1)
      eventmachine (>= 1.0.0.beta.4)
    eventmachine (1.0.8)
    ffi (1.9.0-x86-mingw32)
    hpricot (0.8.6)
    http_parser.rb (0.6.0)
    i18n (0.7.0)
    json (1.8.3)
    little-plugger (1.1.4)
    logging (2.0.0)
      little-plugger (~> 1.1)
      multi_json (~> 1.10)
    macaddr (1.7.1)
      systemu (~> 2.6.2)
    mail (2.6.3)
      mime-types (>= 1.16, < 3)
    mime-types (1.25.1)
    mini_magick (4.3.6)
    mini_portile (0.5.3)
    multi_json (1.11.2)
    net-scp (1.2.1)
      net-ssh (>= 2.6.5)
    net-ssh (3.0.2)
    nokogiri (1.6.0-x86-mingw32)
      mini_portile (~> 0.5.0)
    pony (1.11)
      mail (>= 2.0)
    rake (10.5.0)
    rautomation (0.17.0)
      ffi (~> 1.9.0)
    regexp-examples (1.2.0)
    rest-client (1.6.9)
      mime-types (~> 1.16)
    ruby-progressbar (1.1.1)
    rubyzip (1.2.0)
    rufus-scheduler (2.0.24)
      tzinfo (>= 0.3.22)
    sahi (1.3.0)
    selenium-webdriver (2.43.0)
      childprocess (~> 0.5)
      multi_json (~> 1.0)
      rubyzip (~> 1.0)
      websocket (~> 1.0)
    sshkit (1.8.1)
      net-scp (>= 1.1.2)
      net-ssh (>= 2.8.0)
    sshkit-sudo (0.1.0)
      sshkit (~> 1.8)
    structured_warnings (0.2.0)
    systemu (2.6.5)
    thread (0.1.4)
    thread_safe (0.3.5)
    trollop (2.1.2)
    tzinfo (1.2.2)
      thread_safe (~> 0.1)
    uuid (2.3.8)
      macaddr (~> 1.0)
    webrick (1.3.1)
    websocket (1.2.2)
    win32-api (1.5.3-universal-mingw32)
    win32-process (0.7.5)
      ffi (>= 1.0.0)
    win32-service (0.8.7)
      ffi
    win32-taskscheduler (0.3.1)
      ffi
      structured_warnings
    win32-window (0.2.0.pre)
      win32-api (>= 1.4.8)
    win32screenshot (2.1.0)
      ffi (~> 1.9.0)
      mini_magick (~> 4.3.0)
      rautomation (~> 0.7)

PLATFORMS
  x86-mingw32

DEPENDENCIES
  addressable (~> 2.3.6)
  capistrano (~> 3.1)
  capistrano-rvm
  certified
  em-http-request (= 1.0.3)
  em-http-server (~> 0.1.8)
  eventmachine (= 1.0.8)
  ffi (= 1.9.0)
  hpricot
  json (~> 1.8)
  logging (~> 2.0.0)
  mini_magick
  nokogiri (= 1.6.0)
  pony (= 1.11)
  regexp-examples
  rest-client (~> 1.6.7)
  ruby-progressbar (= 1.1.1)
  rufus-scheduler (~> 2.0.24)
  sahi (~> 1.3.0)
  selenium-webdriver (= 2.43.0)
  sshkit-sudo
  thread (= 0.1.4)
  trollop (~> 2.0)
  uuid (~> 2.3.8)
  webrick (~> 1.3.1)
  win32-process (~> 0.7.4)
  win32-service (~> 0.8.7)
  win32-taskscheduler
  win32-window (~> 0.2.0.pre)
  win32screenshot (~> 2.1)

BUNDLED WITH
   1.11.2
